GEM
  remote: http://rubygems.org/
  specs:
    Ascii85 (1.0.1)
    builder (3.0.0)
    cucumber (1.1.3)
      builder (>= 2.1.2)
      diff-lcs (>= 1.1.2)
      gherkin (~> 2.6.7)
      json (>= 1.4.6)
      term-ansicolor (>= 1.0.6)
    diff-lcs (1.1.3)
    gherkin (2.6.9)
      json (>= 1.4.6)
    json (1.6.3)
    mysql2 (0.3.11)
    pdf-reader (0.10.1)
      Ascii85 (~> 1.0.0)
    prawn (0.12.0)
      pdf-reader (>= 0.9.0)
      ttfunk (~> 1.0.2)
    rspec (2.7.0)
      rspec-core (~> 2.7.0)
      rspec-expectations (~> 2.7.0)
      rspec-mocks (~> 2.7.0)
    rspec-core (2.7.1)
    rspec-expectations (2.7.0)
      diff-lcs (~> 1.1.2)
    rspec-mocks (2.7.0)
    sequel (3.30.0)
    sqlite3 (1.3.5)
    term-ansicolor (1.0.7)
    test-spec (0.10.0)
    ttfunk (1.0.3)

PLATFORMS
  ruby

DEPENDENCIES
  cucumber
  mysql2
  prawn
  rspec
  sequel
  sqlite3
  test-spec
