GEM
  remote: http://rubygems.org/
  specs:
    Ascii85 (1.0.1)
    builder (3.0.0)
    cucumber (1.1.9)
      builder (>= 2.1.2)
      diff-lcs (>= 1.1.2)
      gherkin (~> 2.9.0)
      json (>= 1.4.6)
      term-ansicolor (>= 1.0.6)
    diff-lcs (1.1.3)
    gherkin (2.9.0)
      json (>= 1.4.6)
    json (1.6.5)
    mysql2 (0.3.11)
    pdf-reader (1.0.0)
      Ascii85 (~> 1.0.0)
      ruby-rc4
    prawn (0.12.0)
      pdf-reader (>= 0.9.0)
      ttfunk (~> 1.0.2)
    rake (0.9.2.2)
    rspec (2.8.0)
      rspec-core (~> 2.8.0)
      rspec-expectations (~> 2.8.0)
      rspec-mocks (~> 2.8.0)
    rspec-core (2.8.0)
    rspec-expectations (2.8.0)
      diff-lcs (~> 1.1.2)
    rspec-mocks (2.8.0)
    ruby-rc4 (0.1.5)
    sequel (3.33.0)
    sqlite3 (1.3.5)
    term-ansicolor (1.0.7)
    test-spec (0.10.0)
    ttfunk (1.0.3)

PLATFORMS
  ruby

DEPENDENCIES
  cucumber
  mysql2
  prawn
  rake
  rspec
  sequel
  sqlite3
  test-spec
